GEM
  remote: https://rubygems.org/
  specs:
    annoy (0.5.6)
      highline (>= 1.5.0)
    docile (1.1.3)
    drydock (0.6.9)
    haml (4.0.5)
      tilt
    highline (1.6.21)
    net-scp (1.2.0)
      net-ssh (>= 2.6.5)
    net-ssh (2.8.0)
    rack (1.5.2)
    rack-protection (1.5.3)
      rack
    rye (0.9.12)
      annoy
      docile (>= 1.0.1)
      highline (>= 1.5.1)
      net-scp (>= 1.0.2)
      net-ssh (>= 2.0.13)
      sysinfo (>= 0.8.1)
    sinatra (1.4.5)
      rack (~> 1.4)
      rack-protection (~> 1.4)
      tilt (~> 1.3, >= 1.3.4)
    storable (0.8.9)
    sysinfo (0.8.1)
      drydock
      storable
    tilt (1.4.1)

PLATFORMS
  ruby

DEPENDENCIES
  haml
  rye
  sinatra
