GEM
  remote: https://rubygems.org/
  specs:
    annoy (0.5.6)
      highline (>= 1.5.0)
    daemons (1.1.9)
    docile (1.1.3)
    drydock (0.6.9)
    eventmachine (1.0.3)
    file-tail (1.0.12)
      tins (~> 0.5)
    git (1.2.6)
    haml (4.0.5)
      tilt
    highline (1.6.21)
    net-scp (1.2.0)
      net-ssh (>= 2.6.5)
    net-ssh (2.8.0)
    rack (1.5.2)
    rack-protection (1.5.3)
      rack
    require_all (1.3.2)
    ruby2ruby (2.0.8)
      ruby_parser (~> 3.1)
      sexp_processor (~> 4.0)
    ruby_parser (3.5.0)
      sexp_processor (~> 4.1)
    rye (0.9.12)
      annoy
      docile (>= 1.0.1)
      highline (>= 1.5.1)
      net-scp (>= 1.0.2)
      net-ssh (>= 2.0.13)
      sysinfo (>= 0.8.1)
    sexp_processor (4.4.3)
    sinatra (1.4.5)
      rack (~> 1.4)
      rack-protection (~> 1.4)
      tilt (~> 1.3, >= 1.3.4)
    sourcify (0.5.0)
      file-tail (>= 1.0.5)
      ruby2ruby (>= 1.2.5)
      ruby_parser (>= 2.0.5)
      sexp_processor (>= 3.0.5)
    storable (0.8.9)
    sysinfo (0.8.1)
      drydock
      storable
    thin (1.6.2)
      daemons (>= 1.0.9)
      eventmachine (>= 1.0.0)
      rack (>= 1.0.0)
    tilt (1.4.1)
    tins (0.13.2)

PLATFORMS
  ruby

DEPENDENCIES
  git
  haml
  require_all
  rye
  sinatra
  sourcify
  thin
